GEM
  remote: https://rubygems.org/
  specs:
    ansi (1.5.0)
    minitest (4.7.5)
    rake (10.3.2)
    turn (0.9.6)
      ansi

PLATFORMS
  ruby

DEPENDENCIES
  minitest (= 4.7.5)
  rake
  turn (= 0.9.6)
